{
    "MagneicFieldStrength": 3, 
    "AcquisitionDuration": "10:00", 
    "PlaneOrientationSequentialuence": "Axial", 
    "SliceEncodingDirection": "k", 
    "ManufacturersModelName": "Signa", 
    "AcquisitionMatrix": "64x64", 
    "TaskName": "rest", 
    "PixelSpacing": "3.438x3.438", 
    "RepetitionTime": 2.0, 
    "FieldofViewShape": "Rectangular", 
    "SliceThickness": 3.0, 
    "Manufacturer": "GE", 
    "FlipAngle": 90, 
    "ReceiveCoilType": "Head", 
    "NumberOfSlices": 40.0, 
    "FieldofViewDimensions": "220x220", 
    "SpacingBetweenSlices": 3.0, 
    "EchoTime": 0.03, 
    "SliceTiming": [
        0.0, 
        0.05, 
        0.1, 
        0.15, 
        0.2, 
        0.25, 
        0.3, 
        0.35, 
        0.4, 
        0.45, 
        0.5, 
        0.55, 
        0.6, 
        0.65, 
        0.7, 
        0.75, 
        0.8, 
        0.85, 
        0.9, 
        0.95, 
        1.0, 
        1.05, 
        1.1, 
        1.15, 
        1.2, 
        1.25, 
        1.3, 
        1.35, 
        1.4, 
        1.45, 
        1.5, 
        1.55, 
        1.6, 
        1.65, 
        1.7, 
        1.75, 
        1.8, 
        1.85, 
        1.9, 
        1.95
    ], 
    "TaskDescription": " Participants underwent a 10 minute, eyes-open, resting acquisition in which they looked at a fixation cross in the middle of the screen. ", 
    "PulseSequenceType": "Gradient Echo Reverse Spiral", 
    "PhaseEncodingDirection": "j-", 
    "SliceAcquisitionOrder": "Sequential Ascending", 
    "Instructions": "Participants were instructed to let their minds wander and to not think about anything in particular while they looked at the cross."
}