{
    "MagneicFieldStrength": 3.0, 
    "AcquisitionDuration": "6:06", 
    "PlaneOrientationSequentialuence": "Axial>Coronal-21.1", 
    "SliceEncodingDirection": "k", 
    "ManufacturersModelName": "TriTim", 
    "AcquisitionMatrix": "64x64", 
    "TaskName": "rest", 
    "BulkMotionCompensationTechnique": "Tracking", 
    "PixelSpacing": "3x3", 
    "RepetitionTime": 3.0, 
    "ReceiveCoilName": "12 Chan", 
    "FieldofViewShape": "Rectangle", 
    "SliceThickness": 4.0, 
    "PixelBandwidth": "2442", 
    "Manufacturer": "Siemens", 
    "FlipAngle": 90, 
    "ReceiveCoilType": "Head", 
    "NumberOfSlices": 34, 
    "ParallelAcquisition": "No", 
    "FieldofViewDimensions": "192x192", 
    "SpacingBetweenSlices": 4.0, 
    "EchoTime": 0.027999999999999997, 
    "SliceTiming": [
        1.5, 
        0.0, 
        1.58824, 
        0.08824, 
        1.6764700000000001, 
        0.17647, 
        1.76471, 
        0.26471, 
        1.85294, 
        0.35294, 
        1.9411800000000001, 
        0.44118, 
        2.02941, 
        0.5294099999999999, 
        2.1176500000000003, 
        0.61765, 
        2.20588, 
        0.70588, 
        2.29412, 
        0.79412, 
        2.3823499999999997, 
        0.88235, 
        2.47059, 
        0.9705900000000001, 
        2.5588200000000003, 
        1.0588199999999999, 
        2.6470599999999997, 
        1.14706, 
        2.73529, 
        1.23529, 
        2.8235300000000003, 
        1.3235299999999999, 
        2.91176, 
        1.41176
    ], 
    "NumberofMeasurements": "120", 
    "TaskDescription": "A white screen with a black fixation cross in the middle was presented. ", 
    "PulseSequenceType": "EPI", 
    "PhaseEncodingDirection": "j-", 
    "ScanOptions": "FS", 
    "SliceAcquisitionOrder": "Interleaved Ascending", 
    "Instructions": "\"Relax and think about whatever you want. Keep your eyes open and keep your head still.\" "
}