{
    "MagneicFieldStrength": 3, 
    "AcquisitionDuration": "7:06", 
    "PlaneOrientationSequentialuence": "Axial", 
    "SliceEncodingDirection": "k", 
    "ManufacturersModelName": "Intera", 
    "AcquisitionMatrix": "64x64", 
    "TaskName": "rest", 
    "PixelSpacing": "3.59x3.59", 
    "RepetitionTime": 1.6669999999999998, 
    "ReceiveCoilName": "8Ch", 
    "FieldofViewShape": "Rectangular", 
    "SliceThickness": 4.0, 
    "ParallelAcquisitionTechnique": "SENSE", 
    "ParallelReductionFactorIn-plane": 2.0, 
    "PixelBandwidth": 3208.1, 
    "Manufacturer": "Philips", 
    "FlipAngle": 90, 
    "ReceiveCoilType": "Head", 
    "NumberOfSlices": 32.0, 
    "ParallelAcquisition": "Yes", 
    "FieldofViewDimensions": "230x230", 
    "SpacingBetweenSlices": 4.0, 
    "EchoTime": 0.033, 
    "SliceTiming": [
        0.0, 
        0.052090000000000004, 
        0.10418999999999999, 
        0.15628, 
        0.20837, 
        0.26047000000000003, 
        0.31256, 
        0.36466000000000004, 
        0.41675, 
        0.46884, 
        0.5209400000000001, 
        0.5730299999999999, 
        0.62512, 
        0.67722, 
        0.7293099999999999, 
        0.7814099999999999, 
        0.8335, 
        0.88559, 
        0.93769, 
        0.98978, 
        1.0418699999999999, 
        1.09397, 
        1.1460599999999999, 
        1.1981600000000001, 
        1.25025, 
        1.3023399999999998, 
        1.35444, 
        1.40653, 
        1.4586199999999998, 
        1.51072, 
        1.56281, 
        1.61491
    ], 
    "NumberofMeasurements": 250.0, 
    "TaskDescription": "Scan sessions started with the acquisition of the anatomical scan, followed by two task-related fMRI runs, a DTI scan and finally, the resting state scan.", 
    "PulseSequenceType": "EPI", 
    "PhaseEncodingDirection": "j-", 
    "ScanOptions": "FS", 
    "SliceAcquisitionOrder": "Sequential Ascending", 
    "Instructions": "Participants were given access to a specific training and instruction video http://www.kuleuven.ac.be/radiology/FTP/Instructie_MRI.wmv. We also used standard written and verbal description at consent form time as well as verbal instructions prior to and during scan session."
}