{
    "AcquisitionDuration": "7:06", 
    "PlaneOrientationSequentialuence": "Axial", 
    "SliceEncodingDirection": "k-", 
    "ManufacturersModelName": "Achieva", 
    "AcquisitionMatrix": "80x77", 
    "TaskName": "rest", 
    "PixelSpacing": "3x3.1", 
    "RepetitionTime": 2.0, 
    "ReceiveCoilName": "32 Chan", 
    "FieldofViewShape": "Rectangle", 
    "SliceThickness": 3.0, 
    "Manufacturer": "Philips", 
    "FlipAngle": 90, 
    "ReceiveCoilType": "Head", 
    "NumberOfSlices": 40, 
    "FieldofViewDimensions": "240x240", 
    "SpacingBetweenSlices": 3.0, 
    "EchoTime": 0.025, 
    "SliceTiming": [
        1.95, 
        1.9, 
        1.85, 
        1.8, 
        1.75, 
        1.7, 
        1.65, 
        1.6, 
        1.55, 
        1.5, 
        1.45, 
        1.4, 
        1.35, 
        1.3, 
        1.25, 
        1.2, 
        1.15, 
        1.1, 
        1.05, 
        1.0, 
        0.95, 
        0.9, 
        0.85, 
        0.8, 
        0.75, 
        0.7, 
        0.65, 
        0.6, 
        0.55, 
        0.5, 
        0.45, 
        0.4, 
        0.35, 
        0.3, 
        0.25, 
        0.2, 
        0.15, 
        0.1, 
        0.05, 
        0.0
    ], 
    "NumberofMeasurements": "210", 
    "TaskDescription": "Resting state was collected with subject's eyes open and fixated on a crosshair in the center of the screen.", 
    "PulseSequenceType": "EPI", 
    "PhaseEncodingDirection": "j-", 
    "ScanOptions": "FS", 
    "SliceAcquisitionOrder": "Sequential Descending", 
    "Instructions": "participants were reminded via the scanner intercom to remain as still as possible and fixate on a crosshair presented on the screen."
}