{
    "MagneicFieldStrength": 3, 
    "AcquisitionDuration": "5:06", 
    "PlaneOrientationSequentialuence": "Axial > Coronal -18.4", 
    "SliceEncodingDirection": "k", 
    "ManufacturersModelName": "Allegra", 
    "AcquisitionMatrix": "64x64", 
    "TaskName": "rest", 
    "PixelSpacing": "3.1x3.1", 
    "RepetitionTime": 1.5, 
    "FieldofViewShape": "Rectangular", 
    "SliceThickness": 4.0, 
    "PixelBandwidth": 3126.0, 
    "Manufacturer": "Siemens", 
    "FlipAngle": 70, 
    "ReceiveCoilType": "Head", 
    "NumberOfSlices": 29.0, 
    "ParallelAcquisition": "No", 
    "FieldofViewDimensions": "200x200", 
    "SpacingBetweenSlices": 4.0, 
    "EchoTime": 0.025, 
    "SliceTiming": [
        0.0, 
        0.77586, 
        0.05172, 
        0.82759, 
        0.10345, 
        0.8793099999999999, 
        0.15516999999999997, 
        0.93103, 
        0.2069, 
        0.98276, 
        0.25862, 
        1.03448, 
        0.31033999999999995, 
        1.0862100000000001, 
        0.36207, 
        1.13793, 
        0.41379000000000005, 
        1.1896600000000002, 
        0.46552, 
        1.2413800000000001, 
        0.51724, 
        1.2931, 
        0.56897, 
        1.34483, 
        0.6206900000000001, 
        1.39655, 
        0.67241, 
        1.44828, 
        0.72414
    ], 
    "NumberofMeasurements": 200.0, 
    "TaskDescription": "While in the scanner participants completed a memory tasks, followed by structural scans. The last run of the scan session was the rest fMRI sequence ", 
    "PulseSequenceType": "EPI", 
    "PhaseEncodingDirection": "j-", 
    "ScanOptions": "FS", 
    "SliceAcquisitionOrder": "Interleaved Ascending", 
    "Instructions": "participants were instructed to close their eyes and asked not to fall asleep."
}