{
    "MagneicFieldStrength": 3, 
    "AcquisitionDuration": "6:00", 
    "PlaneOrientationSequentialuence": "Axial > Coronal -23", 
    "SliceEncodingDirection": "k", 
    "ManufacturersModelName": "Allegra", 
    "AcquisitionMatrix": "80x64", 
    "TaskName": "rest", 
    "PixelSpacing": "3x3", 
    "RepetitionTime": 2.0, 
    "FieldofViewShape": "Rectangular", 
    "SliceThickness": 4.0, 
    "PixelBandwidth": 3906.0, 
    "Manufacturer": "Siemens", 
    "FlipAngle": 90, 
    "ReceiveCoilType": "Head", 
    "NumberOfSlices": 33.0, 
    "ParallelAcquisition": "No", 
    "FieldofViewDimensions": "240x192", 
    "SpacingBetweenSlices": 4.0, 
    "EchoTime": 0.015, 
    "SliceTiming": [
        0.0, 
        1.0303, 
        0.06061, 
        1.09091, 
        0.12121, 
        1.1515199999999999, 
        0.18181999999999998, 
        1.2121199999999999, 
        0.24242, 
        1.27273, 
        0.30302999999999997, 
        1.33333, 
        0.36363999999999996, 
        1.39394, 
        0.42424, 
        1.45455, 
        0.48485, 
        1.51515, 
        0.54545, 
        1.57576, 
        0.6060599999999999, 
        1.6363599999999998, 
        0.66667, 
        1.69697, 
        0.72727, 
        1.75758, 
        0.78788, 
        1.8181800000000001, 
        0.84848, 
        1.87879, 
        0.9090900000000001, 
        1.9393900000000002, 
        0.9697
    ], 
    "NumberofMeasurements": 180.0, 
    "TaskDescription": " During the resting state fMRI scan, most participants were asked to relax with their eyes open, while a white cross-hair against a black background was projected on a screen. However, data were also included for some individuals who were asked to keep their eyes closed; in a few cases, participants closed their eyes regardless of instructions to maintain them open. Eye status during the MRI scan was monitored via an eye tracker and is detailed for each participant.", 
    "PulseSequenceType": "EPI", 
    "PhaseEncodingDirection": "i", 
    "ScanOptions": "FS", 
    "SliceAcquisitionOrder": "Interleaved Ascending", 
    "Instructions": "Most participants were asked to relax with their eyes open, while a white cross-hair against a black background was projected on a screen. However, data were also included for some individuals who were asked to keep their eyes closed"
}