{
    "MagneicFieldStrength": 3, 
    "AcquisitionDuration": "8:06", 
    "PlaneOrientationSequentialuence": "Axial > Coronal -30", 
    "SliceEncodingDirection": "k", 
    "ManufacturersModelName": "Verio", 
    "AcquisitionMatrix": "64x64", 
    "TaskName": "rest", 
    "PixelSpacing": "3x3", 
    "RepetitionTime": 1.5, 
    "FieldofViewShape": "Rectangular", 
    "SliceThickness": 3.0, 
    "PixelBandwidth": 1628.0, 
    "Manufacturer": "Siemens", 
    "FlipAngle": 73, 
    "ReceiveCoilType": "Head", 
    "NumberOfSlices": 21.0, 
    "ParallelAcquisition": "No", 
    "FieldofViewDimensions": "192x192", 
    "SpacingBetweenSlices": 4.5, 
    "EchoTime": 0.03, 
    "SliceTiming": [
        0.0, 
        0.78571, 
        0.07143000000000001, 
        0.85714, 
        0.14286000000000001, 
        0.92857, 
        0.21428999999999998, 
        1.0, 
        0.28570999999999996, 
        1.07143, 
        0.35714, 
        1.14286, 
        0.42857, 
        1.2142899999999999, 
        0.5, 
        1.2857100000000001, 
        0.57143, 
        1.35714, 
        0.64286, 
        1.42857, 
        0.71429
    ], 
    "NumberofMeasurements": 240.0, 
    "TaskDescription": "Participants were asked to close their eyes and the room lights were shut off during the rest scan. Subjects may have fallen asleep during the scans. Two different sequences were used for collected structural and fMRI data (see below).", 
    "PulseSequenceType": "EPI", 
    "PhaseEncodingDirection": "j-", 
    "ScanOptions": "FS", 
    "SliceAcquisitionOrder": "Interleaved Ascending", 
    "Instructions": "Participants were asked to close their eyes and the room lights were shut off during the rest scan."
}