{
    "MagneicFieldStrength": 3, 
    "AcquisitionDuration": "6:40", 
    "PlaneOrientationSequentialuence": "Axial", 
    "SliceEncodingDirection": "k", 
    "ManufacturersModelName": "Achieva", 
    "AcquisitionMatrix": "84x81", 
    "TaskName": "rest", 
    "PixelSpacing": "3.05x3.15", 
    "RepetitionTime": 2.5, 
    "FieldofViewShape": "Rectangular", 
    "SliceThickness": 3.0, 
    "ParallelAcquisitionTechnique": "SENSE", 
    "ParallelReductionFactorIn-plane": 3.0, 
    "PixelBandwidth": 2696.9, 
    "Manufacturer": "Philips", 
    "FlipAngle": 75, 
    "Notes": "Voxels reconstructed in-plane to 2.67x2.67", 
    "ReceiveCoilType": "Head", 
    "NumberOfSlices": 47.0, 
    "ParallelAcquisition": "Yes", 
    "FieldofViewDimensions": "256x256", 
    "SpacingBetweenSlices": 3.0, 
    "EchoTime": 0.03, 
    "SliceTiming": [
        0.0, 
        0.05319, 
        0.10638, 
        0.15957, 
        0.21277000000000001, 
        0.26596, 
        0.31915, 
        0.37233999999999995, 
        0.42552999999999996, 
        0.47872000000000003, 
        0.53191, 
        0.58511, 
        0.6383, 
        0.69149, 
        0.7446799999999999, 
        0.79787, 
        0.8510599999999999, 
        0.90426, 
        0.95745, 
        1.01064, 
        1.0638299999999998, 
        1.11702, 
        1.17021, 
        1.2234, 
        1.2766, 
        1.32979, 
        1.38298, 
        1.4361700000000002, 
        1.4893599999999998, 
        1.5425499999999999, 
        1.59574, 
        1.64894, 
        1.7021300000000001, 
        1.75532, 
        1.80851, 
        1.8617000000000001, 
        1.9148900000000002, 
        1.96809, 
        2.02128, 
        2.07447, 
        2.1276599999999997, 
        2.18085, 
        2.23404, 
        2.28723, 
        2.34043, 
        2.39362, 
        2.44681
    ], 
    "NumberofMeasurements": 156.0, 
    "TaskDescription": "Children taking psychostimulants were asked to withhold them the day prior to and the day of the scan. During the resting state fMRI scan participants were asked to simply look at a crosshair on a black computer screen.", 
    "PulseSequenceType": "EPI", 
    "PhaseEncodingDirection": "j-", 
    "ScanOptions": "FS", 
    "SliceAcquisitionOrder": "Sequential Ascending", 
    "Instructions": "Participants were asked to simply look at a crosshair on a black computer screen"
}