{
    "MagneicFieldStrength": 3.0, 
    "AcquisitionDuration": "7:06", 
    "PlaneOrientationSequentialuence": "Axial", 
    "SliceEncodingDirection": "k-", 
    "ManufacturersModelName": "Achieva", 
    "AcquisitionMatrix": "80x80", 
    "TaskName": "rest", 
    "PixelSpacing": "3x3", 
    "RepetitionTime": 2.0, 
    "ReceiveCoilName": "8 Chan", 
    "FieldofViewShape": "Rectangle", 
    "SliceThickness": 3.2, 
    "ParallelAcquisitionTechnique": "SENSE", 
    "ParallelReductionFactorIn-plane": "2", 
    "PixelBandwidth": "39.5/pixel", 
    "Manufacturer": "Philips", 
    "FlipAngle": 90, 
    "ReceiveCoilType": "Head", 
    "NumberOfSlices": 37, 
    "ParallelAcquisition": "Yes", 
    "FieldofViewDimensions": "240x240", 
    "SpacingBetweenSlices": 3.55, 
    "EchoTime": 0.027000000000000003, 
    "SliceTiming": [
        1.94595, 
        1.89189, 
        1.83784, 
        1.78378, 
        1.72973, 
        1.67568, 
        1.6216199999999998, 
        1.56757, 
        1.51351, 
        1.45946, 
        1.40541, 
        1.3513499999999998, 
        1.2973, 
        1.24324, 
        1.18919, 
        1.13514, 
        1.0810799999999998, 
        1.0270299999999999, 
        0.97297, 
        0.91892, 
        0.86486, 
        0.8108099999999999, 
        0.75676, 
        0.7027, 
        0.64865, 
        0.5945900000000001, 
        0.5405399999999999, 
        0.48649000000000003, 
        0.43243, 
        0.37838, 
        0.32432, 
        0.27026999999999995, 
        0.21622, 
        0.16216, 
        0.10811, 
        0.054049999999999994, 
        0.0
    ], 
    "NumberofMeasurements": "210", 
    "TaskDescription": "The mirror reflected a visual display (projection of a computer screen), which presented the red-cross. Participants were asked to look at the red-cross for the duration of the scan.", 
    "PulseSequenceType": "EPI", 
    "PhaseEncodingDirection": "j-", 
    "ScanOptions": "FS", 
    "SliceAcquisitionOrder": "Sequential Descending", 
    "Instructions": " Participants were asked to look at the red-cross for the duration of the scan"
}