{
    "MagneicFieldStrength": 3, 
    "AcquisitionDuration": "5:06", 
    "PlaneOrientationSequentialuence": "Axial", 
    "SliceEncodingDirection": "k", 
    "ManufacturersModelName": "Achieva", 
    "AcquisitionMatrix": "80x80", 
    "TaskName": "rest", 
    "PixelSpacing": "3x3", 
    "RepetitionTime": 2.0, 
    "FieldofViewShape": "Rectangular", 
    "SliceThickness": 3.5, 
    "ParallelAcquisitionTechnique": "SENSE", 
    "ParallelReductionFactorIn-plane": 2.0, 
    "PixelBandwidth": 2419.2, 
    "Manufacturer": "Philips", 
    "FlipAngle": 90, 
    "ReceiveCoilType": "Head", 
    "NumberOfSlices": 38.0, 
    "ParallelAcquisition": "Yes", 
    "FieldofViewDimensions": "240x240", 
    "SpacingBetweenSlices": 3.85, 
    "EchoTime": 0.027999999999999997, 
    "SliceTiming": [
        0.0, 
        0.05263, 
        0.10526, 
        0.15788999999999997, 
        0.21053, 
        0.26316, 
        0.31579, 
        0.36842, 
        0.42105000000000004, 
        0.47368, 
        0.52632, 
        0.5789500000000001, 
        0.63158, 
        0.68421, 
        0.73684, 
        0.78947, 
        0.84211, 
        0.89474, 
        0.94737, 
        1.0, 
        1.0526300000000002, 
        1.10526, 
        1.15789, 
        1.2105299999999999, 
        1.26316, 
        1.31579, 
        1.36842, 
        1.42105, 
        1.47368, 
        1.52632, 
        1.57895, 
        1.63158, 
        1.68421, 
        1.73684, 
        1.7894700000000001, 
        1.84211, 
        1.89474, 
        1.9473699999999998
    ], 
    "NumberofMeasurements": 150.0, 
    "PulseSequenceType": "EPI", 
    "PhaseEncodingDirection": "j-", 
    "ScanOptions": "FS", 
    "SliceAcquisitionOrder": "Sequential Ascending", 
    "Instructions": "particpants were instructed to keep their eyes closed and to rest for five minutes."
}