{
    "MagneicFieldStrength": 3.0, 
    "AcquisitionDuration": "6:00", 
    "PlaneOrientationSequentialuence": "Axial", 
    "SliceEncodingDirection": "k", 
    "ManufacturersModelName": "Allegra", 
    "AcquisitionMatrix": "80x80", 
    "TaskName": "rest", 
    "PixelSpacing": "3x3x4", 
    "RepetitionTime": 2.0, 
    "ReceiveCoilName": "8 Chan", 
    "FieldofViewShape": "Rectangle", 
    "SliceThickness": 3.0, 
    "PixelBandwidth": "3906", 
    "Manufacturer": "Siemens", 
    "FlipAngle": 82, 
    "ReceiveCoilType": "Head", 
    "NumberOfSlices": 34, 
    "FieldofViewDimensions": "240x240", 
    "SpacingBetweenSlices": 3.0, 
    "EchoTime": 0.03, 
    "SliceTiming": [
        1.0, 
        0.0, 
        1.0588199999999999, 
        0.05882, 
        1.11765, 
        0.11765, 
        1.1764700000000001, 
        0.17647, 
        1.23529, 
        0.23529, 
        1.29412, 
        0.29412, 
        1.35294, 
        0.35294, 
        1.41176, 
        0.41176, 
        1.4705899999999998, 
        0.47058999999999995, 
        1.5294100000000002, 
        0.5294099999999999, 
        1.58824, 
        0.58824, 
        1.64706, 
        0.64706, 
        1.70588, 
        0.70588, 
        1.76471, 
        0.76471, 
        1.8235299999999999, 
        0.82353, 
        1.88235, 
        0.88235, 
        1.9411800000000001, 
        0.9411799999999999
    ], 
    "NumberofMeasurements": "180", 
    "TaskDescription": "During the resting state fMRI scan, participants were asked to relax with their eyes open, while a white cross-hair against a black background was projected on a screen. However, in a few cases, participants closed their eyes despite instructions to maintain them open. Eye status during the MRI scan was monitored via an eye tracker and is provided for each participant.", 
    "PulseSequenceType": "EPI", 
    "PhaseEncodingDirection": "i", 
    "ScanOptions": "FS", 
    "SliceAcquisitionOrder": "Interleaved Ascending", 
    "Instructions": "Participants were asked to relax with their eyes open"
}