{
    "MagneicFieldStrength": 3, 
    "AcquisitionDuration": "8:06", 
    "PlaneOrientationSequentialuence": "Axial", 
    "SliceEncodingDirection": "k", 
    "ManufacturersModelName": "TrioTim", 
    "AcquisitionMatrix": "64x64", 
    "TaskName": "rest", 
    "BulkMotionCompensationTechnique": "Tracking", 
    "PixelSpacing": "3.4x3.4", 
    "RepetitionTime": 2.0, 
    "FieldofViewShape": "Rectangular", 
    "SliceThickness": 3.0, 
    "ParallelAcquisitionTechnique": "GRAPPA", 
    "ParallelReductionFactorIn-plane": 2.0, 
    "PixelBandwidth": 2894.0, 
    "Manufacturer": "Siemens", 
    "FlipAngle": 90, 
    "ReceiveCoilType": "Head", 
    "NumberOfSlices": 40.0, 
    "ParallelAcquisition": "Yes", 
    "FieldofViewDimensions": "220x220", 
    "SpacingBetweenSlices": 3.3, 
    "EchoTime": 0.027999999999999997, 
    "SliceTiming": [
        1.0, 
        0.0, 
        1.05, 
        0.05, 
        1.1, 
        0.1, 
        1.15, 
        0.15, 
        1.2, 
        0.2, 
        1.25, 
        0.25, 
        1.3, 
        0.3, 
        1.35, 
        0.35, 
        1.4, 
        0.4, 
        1.45, 
        0.45, 
        1.5, 
        0.5, 
        1.55, 
        0.55, 
        1.6, 
        0.6, 
        1.65, 
        0.65, 
        1.7, 
        0.7, 
        1.75, 
        0.75, 
        1.8, 
        0.8, 
        1.85, 
        0.85, 
        1.9, 
        0.9, 
        1.95, 
        0.95
    ], 
    "NumberofMeasurements": 240.0, 
    "PulseSequenceType": "EPI", 
    "PhaseEncodingDirection": "j-", 
    "ScanOptions": "FS", 
    "SliceAcquisitionOrder": "Interleaved Ascending", 
    "Instructions": "Keep your eyes open and remain awake, letting thoughts pass through your mind without focusing on any particular mental activity"
}